GIT
  remote: https://github.com/cldwalker/debugger.git
  revision: 4fb6305f77e8eccdb0065afe3771ab8245732c0f
  specs:
    debugger (1.2.0)
      columnize (>= 0.3.1)
      debugger-linecache (~> 1.1.1)
      debugger-ruby_core_source (~> 1.1.3)

GEM
  remote: http://rubygems.org/
  specs:
    activemodel (3.2.7)
      activesupport (= 3.2.7)
      builder (~> 3.0.0)
    activesupport (3.2.7)
      i18n (~> 0.6)
      multi_json (~> 1.0)
    addressable (2.3.2)
    bson (1.6.4)
    bson_ext (1.6.4)
      bson (~> 1.6.4)
    builder (3.0.0)
    capybara (1.1.2)
      mime-types (>= 1.16)
      nokogiri (>= 1.3.3)
      rack (>= 1.0.0)
      rack-test (>= 0.5.4)
      selenium-webdriver (~> 2.0)
      xpath (~> 0.1.4)
    capybara-webkit (0.12.1)
      capybara (>= 1.0.0, < 1.2)
      json
    childprocess (0.3.4)
      ffi (~> 1.0, >= 1.0.6)
    coderay (1.0.7)
    columnize (0.3.6)
    debugger-linecache (1.1.2)
      debugger-ruby_core_source (>= 1.1.1)
    debugger-ruby_core_source (1.1.3)
    diff-lcs (1.1.3)
    ffi (1.1.2)
    haml (3.1.7)
    headless (0.3.1)
    i18n (0.6.0)
    json (1.7.5)
    libwebsocket (0.1.5)
      addressable
    method_source (0.8)
    mime-types (1.19)
    mongo (1.6.4)
      bson (~> 1.6.4)
    mongo_mapper (0.11.2)
      activemodel (~> 3.0)
      activesupport (~> 3.0)
      plucky (~> 0.5.1)
    multi_json (1.3.6)
    nokogiri (1.5.5)
    plucky (0.5.1)
      mongo (~> 1.5)
    pry (0.9.10)
      coderay (~> 1.0.5)
      method_source (~> 0.8)
      slop (~> 3.3.1)
    pry-nav (0.2.2)
      pry (~> 0.9.10)
    rack (1.4.1)
    rack-protection (1.2.0)
      rack
    rack-test (0.6.1)
      rack (>= 1.0)
    rake (0.9.2.2)
    rspec (2.11.0)
      rspec-core (~> 2.11.0)
      rspec-expectations (~> 2.11.0)
      rspec-mocks (~> 2.11.0)
    rspec-core (2.11.1)
    rspec-expectations (2.11.2)
      diff-lcs (~> 1.1.3)
    rspec-mocks (2.11.1)
    rubyzip (0.9.9)
    selenium-webdriver (2.25.0)
      childprocess (>= 0.2.5)
      libwebsocket (~> 0.1.3)
      multi_json (~> 1.0)
      rubyzip
    shotgun (0.9)
      rack (>= 1.0)
    sinatra (1.3.2)
      rack (~> 1.3, >= 1.3.6)
      rack-protection (~> 1.2)
      tilt (~> 1.3, >= 1.3.3)
    slop (3.3.3)
    tilt (1.3.3)
    xpath (0.1.4)
      nokogiri (~> 1.3)

PLATFORMS
  ruby

DEPENDENCIES
  bson_ext
  capybara
  capybara-webkit
  debugger!
  haml
  headless
  mongo_mapper
  nokogiri
  pry-nav
  rake
  rspec
  shotgun
  sinatra
